GEM
  remote: https://rubygems.org/
  specs:
    diff-lcs (1.2.5)
    ffi (1.9.3)
    ffi (1.9.3-x86-mingw32)
    ffi-aspell (0.0.3)
      ffi (>= 1.0.11)
    rake (10.1.1)
    rspec (2.14.1)
      rspec-core (~> 2.14.0)
      rspec-expectations (~> 2.14.0)
      rspec-mocks (~> 2.14.0)
    rspec-core (2.14.7)
    rspec-expectations (2.14.4)
      diff-lcs (>= 1.1.3, < 2.0)
    rspec-mocks (2.14.4)
    skeptic (0.0.7)
      ffi-aspell
      trollop (>= 1.16.2)
    trollop (2.0)
    watchr (0.7)

PLATFORMS
  ruby
  x86-mingw32

DEPENDENCIES
  rake
  rspec
  skeptic (~> 0.0.6)
  watchr
